PATH
  remote: .
  specs:
    sitemap-generator (0.0.3)
      clamp
      json
      log4r
      nokogiri

GEM
  remote: https://rubygems.org/
  specs:
    clamp (0.6.3)
    json (1.8.1)
    log4r (1.1.10)
    mini_portile (0.6.0)
    nokogiri (1.6.2.1)
      mini_portile (= 0.6.0)
    rake (10.3.2)

PLATFORMS
  ruby

DEPENDENCIES
  bundler (~> 1.3)
  rake
  sitemap-generator!
