PATH
  remote: .
  specs:
    sitemap-generator (0.0.3)
      clamp
      json
      log4r
      nokogiri (= 1.5.11)

GEM
  remote: https://rubygems.org/
  specs:
    clamp (0.6.3)
    diff-lcs (1.2.5)
    json (1.8.1)
    log4r (1.1.10)
    nokogiri (1.5.11)
    rake (10.3.2)
    rspec (2.14.1)
      rspec-core (~> 2.14.0)
      rspec-expectations (~> 2.14.0)
      rspec-mocks (~> 2.14.0)
    rspec-core (2.14.8)
    rspec-expectations (2.14.5)
      diff-lcs (>= 1.1.3, < 2.0)
    rspec-mocks (2.14.6)

PLATFORMS
  ruby

DEPENDENCIES
  bundler (~> 1.3)
  rake
  rspec
  sitemap-generator!
