PATH
  remote: .
  specs:
    sitemap-analyser (0.0.1)
      bson_ext
      clamp
      httpclient
      json
      log4r
      nokogiri

GEM
  remote: https://rubygems.org/
  specs:
    bson (1.10.1)
    bson_ext (1.10.1)
      bson (~> 1.10.1)
    clamp (0.6.3)
    httpclient (2.3.4.1)
    json (1.8.1)
    log4r (1.1.10)
    mini_portile (0.6.0)
    nokogiri (1.6.2.1)
      mini_portile (= 0.6.0)
    rake (10.3.2)

PLATFORMS
  ruby

DEPENDENCIES
  bundler (~> 1.3)
  rake
  sitemap-analyser!
